PATH
  remote: .
  specs:
    acts_as_relating_to (0.0.19)
      acts-as-taggable-on (~> 3.4)
      acts_as_having (~> 0.0.22)
      annotate (~> 2.7)
      rails (~> 4.2)

PATH
  remote: ~/rails_projects/bigbee_labs/gems/app_collaborators
  specs:
    app_collaborators (0.0.42)
      rails (~> 4.2)
      rails-api (~> 0.4)

GEM
  remote: https://rubygems.org/
  remote: https://gem.fury.io/joseph-bigbee/
  specs:
    actionmailer (4.2.9)
      actionpack (= 4.2.9)
      actionview (= 4.2.9)
      activejob (= 4.2.9)
      mail (~> 2.5, >= 2.5.4)
      rails-dom-testing (~> 1.0, >= 1.0.5)
    actionpack (4.2.9)
      actionview (= 4.2.9)
      activesupport (= 4.2.9)
      rack (~> 1.6)
      rack-test (~> 0.6.2)
      rails-dom-testing (~> 1.0, >= 1.0.5)
      rails-html-sanitizer (~> 1.0, >= 1.0.2)
    actionview (4.2.9)
      activesupport (= 4.2.9)
      builder (~> 3.1)
      erubis (~> 2.7.0)
      rails-dom-testing (~> 1.0, >= 1.0.5)
      rails-html-sanitizer (~> 1.0, >= 1.0.3)
    activejob (4.2.9)
      activesupport (= 4.2.9)
      globalid (>= 0.3.0)
    activemodel (4.2.9)
      activesupport (= 4.2.9)
      builder (~> 3.1)
    activerecord (4.2.9)
      activemodel (= 4.2.9)
      activesupport (= 4.2.9)
      arel (~> 6.0)
    activesupport (4.2.9)
      i18n (~> 0.7)
      minitest (~> 5.1)
      thread_safe (~> 0.3, >= 0.3.4)
      tzinfo (~> 1.1)
    acts-as-taggable-on (3.5.0)
      activerecord (>= 3.2, < 5)
    acts_as_having (0.0.34)
      acts-as-taggable-on (~> 3.4)
      bigbee_labs-remote_models_base (~> 0.0.17)
    addressable (2.5.1)
      public_suffix (~> 2.0, >= 2.0.2)
    annotate (2.7.2)
      activerecord (>= 3.2, < 6.0)
      rake (>= 10.4, < 13.0)
    arel (6.0.4)
    bigbee_labs-associations (0.0.2)
    bigbee_labs-http_actions (0.1.9)
      httparty (~> 0.13)
    bigbee_labs-remote_models_base (0.0.35)
      app_collaborators (~> 0.0.27)
      bigbee_labs-associations (~> 0.0.2)
      bigbee_labs-http_actions (~> 0.1.3)
      httparty (~> 0.13)
    builder (3.2.3)
    coderay (1.1.1)
    concurrent-ruby (1.0.5)
    crack (0.4.3)
      safe_yaml (~> 1.0.0)
    database_cleaner (1.6.1)
    diff-lcs (1.3)
    erubis (2.7.0)
    factory_girl (4.8.0)
      activesupport (>= 3.0.0)
    factory_girl_rails (4.8.0)
      factory_girl (~> 4.8.0)
      railties (>= 3.0.0)
    ffi (1.9.18)
    formatador (0.2.5)
    globalid (0.4.0)
      activesupport (>= 4.2.0)
    guard (2.14.1)
      formatador (>= 0.2.4)
      listen (>= 2.7, < 4.0)
      lumberjack (~> 1.0)
      nenv (~> 0.1)
      notiffany (~> 0.0)
      pry (>= 0.9.12)
      shellany (~> 0.0)
      thor (>= 0.18.1)
    guard-compat (1.2.1)
    guard-rspec (4.7.3)
      guard (~> 2.1)
      guard-compat (~> 1.1)
      rspec (>= 2.99.0, < 4.0)
    hashdiff (0.3.4)
    httparty (0.15.6)
      multi_xml (>= 0.5.2)
    i18n (0.8.6)
    listen (3.1.5)
      rb-fsevent (~> 0.9, >= 0.9.4)
      rb-inotify (~> 0.9, >= 0.9.7)
      ruby_dep (~> 1.2)
    loofah (2.0.3)
      nokogiri (>= 1.5.9)
    lumberjack (1.0.12)
    mail (2.6.6)
      mime-types (>= 1.16, < 4)
    method_source (0.8.2)
    mime-types (3.1)
      mime-types-data (~> 3.2015)
    mime-types-data (3.2016.0521)
    mini_portile2 (2.2.0)
    minitest (5.10.3)
    multi_xml (0.6.0)
    nenv (0.3.0)
    nokogiri (1.8.0)
      mini_portile2 (~> 2.2.0)
    notiffany (0.1.1)
      nenv (~> 0.1)
      shellany (~> 0.0)
    pg (0.20.0)
    pry (0.10.4)
      coderay (~> 1.1.0)
      method_source (~> 0.8.1)
      slop (~> 3.4)
    public_suffix (2.0.5)
    rack (1.6.8)
    rack-test (0.6.3)
      rack (>= 1.0)
    rails (4.2.9)
      actionmailer (= 4.2.9)
      actionpack (= 4.2.9)
      actionview (= 4.2.9)
      activejob (= 4.2.9)
      activemodel (= 4.2.9)
      activerecord (= 4.2.9)
      activesupport (= 4.2.9)
      bundler (>= 1.3.0, < 2.0)
      railties (= 4.2.9)
      sprockets-rails
    rails-api (0.4.1)
      actionpack (>= 3.2.11)
      railties (>= 3.2.11)
    rails-deprecated_sanitizer (1.0.3)
      activesupport (>= 4.2.0.alpha)
    rails-dom-testing (1.0.8)
      activesupport (>= 4.2.0.beta, < 5.0)
      nokogiri (~> 1.6)
      rails-deprecated_sanitizer (>= 1.0.1)
    rails-html-sanitizer (1.0.3)
      loofah (~> 2.0)
    railties (4.2.9)
      actionpack (= 4.2.9)
      activesupport (= 4.2.9)
      rake (>= 0.8.7)
      thor (>= 0.18.1, < 2.0)
    rake (12.0.0)
    rb-fsevent (0.10.2)
    rb-inotify (0.9.10)
      ffi (>= 0.5.0, < 2)
    rspec (3.6.0)
      rspec-core (~> 3.6.0)
      rspec-expectations (~> 3.6.0)
      rspec-mocks (~> 3.6.0)
    rspec-core (3.6.0)
      rspec-support (~> 3.6.0)
    rspec-expectations (3.6.0)
      diff-lcs (>= 1.2.0, < 2.0)
      rspec-support (~> 3.6.0)
    rspec-mocks (3.6.0)
      diff-lcs (>= 1.2.0, < 2.0)
      rspec-support (~> 3.6.0)
    rspec-rails (3.6.0)
      actionpack (>= 3.0)
      activesupport (>= 3.0)
      railties (>= 3.0)
      rspec-core (~> 3.6.0)
      rspec-expectations (~> 3.6.0)
      rspec-mocks (~> 3.6.0)
      rspec-support (~> 3.6.0)
    rspec-support (3.6.0)
    ruby_dep (1.5.0)
    safe_yaml (1.0.4)
    shellany (0.0.1)
    slop (3.6.0)
    sprockets (3.7.1)
      concurrent-ruby (~> 1.0)
      rack (> 1, < 3)
    sprockets-rails (3.2.0)
      actionpack (>= 4.0)
      activesupport (>= 4.0)
      sprockets (>= 3.0.0)
    thor (0.19.4)
    thread_safe (0.3.6)
    tzinfo (1.2.3)
      thread_safe (~> 0.1)
    webmock (3.0.1)
      addressable (>= 2.3.6)
      crack (>= 0.3.2)
      hashdiff

PLATFORMS
  ruby

DEPENDENCIES
  acts_as_relating_to!
  app_collaborators!
  database_cleaner
  factory_girl_rails
  guard-rspec
  pg (= 0.20.0)
  rspec-rails (~> 3.0)
  webmock

BUNDLED WITH
   1.13.6
